PATH
  remote: .
  specs:
    image_hashing (0.1.0)

GEM
  remote: https://rubygems.org/
  specs:
    dhash-vips (0.2.4.0)
      ruby-vips (~> 2.0, != 2.1.1, != 2.1.0)
    diff-lcs (1.6.2)
    digest (3.2.0)
    ffi (1.17.2-arm64-darwin)
    image_processing (1.14.0)
      mini_magick (>= 4.9.5, < 6)
      ruby-vips (>= 2.0.17, < 3)
    logger (1.7.0)
    mini_magick (5.3.0)
      logger
    rake (13.3.0)
    rspec (3.13.1)
      rspec-core (~> 3.13.0)
      rspec-expectations (~> 3.13.0)
      rspec-mocks (~> 3.13.0)
    rspec-core (3.13.5)
      rspec-support (~> 3.13.0)
    rspec-expectations (3.13.5)
      diff-lcs (>= 1.2.0, < 2.0)
      rspec-support (~> 3.13.0)
    rspec-mocks (3.13.5)
      diff-lcs (>= 1.2.0, < 2.0)
      rspec-support (~> 3.13.0)
    rspec-support (3.13.4)
    ruby-vips (2.2.4)
      ffi (~> 1.12)
      logger
    vips (8.15.1)
      ffi (~> 1.12)

PLATFORMS
  arm64-darwin-21

DEPENDENCIES
  dhash-vips (~> 0.2.4.0)
  digest
  image_hashing!
  image_processing (~> 1.14.0)
  rake (~> 13.0)
  rspec (~> 3.0)
  ruby-vips (~> 2.2.4)
  vips

BUNDLED WITH
   2.2.15
